PATH
  remote: .
  specs:
    airbrake_symbolicate (0.2.1)
      activeresource (>= 3.0)
      colored (>= 1.2)

GEM
  remote: http://rubygems.org/
  specs:
    activemodel (4.1.0)
      activesupport (= 4.1.0)
      builder (~> 3.1)
    activeresource (4.0.0)
      activemodel (~> 4.0)
      activesupport (~> 4.0)
      rails-observers (~> 0.1.1)
    activesupport (4.1.0)
      i18n (~> 0.6, >= 0.6.9)
      json (~> 1.7, >= 1.7.7)
      minitest (~> 5.1)
      thread_safe (~> 0.1)
      tzinfo (~> 1.1)
    builder (3.2.2)
    colored (1.2)
    i18n (0.6.9)
    json (1.8.1)
    minitest (5.3.3)
    rails-observers (0.1.2)
      activemodel (~> 4.0)
    thread_safe (0.3.3)
    tzinfo (1.1.0)
      thread_safe (~> 0.1)

PLATFORMS
  ruby

DEPENDENCIES
  airbrake_symbolicate!
  bundler
