PATH
  remote: .
  specs:
    airbrake_symbolicate (0.1)
      activeresource (>= 3.0)
      colored (>= 1.2)

GEM
  remote: http://rubygems.org/
  specs:
    activemodel (3.0.9)
      activesupport (= 3.0.9)
      builder (~> 2.1.2)
      i18n (~> 0.5.0)
    activeresource (3.0.9)
      activemodel (= 3.0.9)
      activesupport (= 3.0.9)
    activesupport (3.0.9)
    builder (2.1.2)
    colored (1.2)
    i18n (0.5.0)

PLATFORMS
  ruby

DEPENDENCIES
  airbrake_symbolicate!
  bundler
